GEM
  remote: https://rubygems.org/
  specs:
    curb (0.8.5)
    time_ago_in_words (0.1.1)

PLATFORMS
  ruby

DEPENDENCIES
  curb
  time_ago_in_words
